GEM
  remote: https://rubygems.org/
  specs:
    ffi (1.9.8)
    libtcod (0.1.1)
      ffi (~> 1.9.3)

PLATFORMS
  ruby

DEPENDENCIES
  libtcod (~> 0.1)
